GEM
  remote: https://rubygems.org/
  specs:
    colorize (0.7.5)
    mini_portile (0.6.2)
    nokogiri (1.6.5)
      mini_portile (~> 0.6.0)
    webrick (1.3.1)

PLATFORMS
  ruby

DEPENDENCIES
  colorize
  nokogiri
  webrick
